GEM
  remote: http://rubygems.org/
  specs:
    actionmailer (2.3.12)
      actionpack (= 2.3.12)
    actionpack (2.3.12)
      activesupport (= 2.3.12)
      rack (~> 1.1.0)
    activerecord (2.3.12)
      activesupport (= 2.3.12)
    activeresource (2.3.12)
      activesupport (= 2.3.12)
    activesupport (2.3.12)
    acts-as-taggable-on (2.0.6)
    acts_as_list (0.1.4)
    attrtastic (0.2.2)
    aws-s3 (0.6.2)
      builder
      mime-types
      xml-simple
    bluecloth (2.2.0)
    builder (3.0.0)
    cgi_multipart_eof_fix (2.5.0)
    cops (0.2.0.7)
      create-rails-dev-db (= 0.1.0)
      delayed_job (= 1.8.4)
      mad_mimi_mailer (= 0.0.7)
      mini_fb (= 0.2.2)
    crack (0.1.8)
    create-rails-dev-db (0.1.0)
    daemons (1.1.4)
    delayed_job (1.8.4)
    factory_girl (1.3.3)
    fastthread (1.0.7)
    formtastic (1.2.4)
      actionpack (>= 2.3.7)
      activesupport (>= 2.3.7)
      i18n (~> 0.4)
    gem_plugin (0.2.3)
    geokit (1.6.0)
    hashie (1.0.0)
    i18n (0.6.0)
    json (1.5.3)
    mad_mimi_mailer (0.0.7)
    madmimi (1.0.15)
      crack (> 0.1.7)
    mime-types (1.16)
    mini_fb (0.2.2)
    mongrel (1.1.5)
      cgi_multipart_eof_fix (>= 2.4)
      daemons (>= 1.0.3)
      fastthread (>= 1.0.1)
      gem_plugin (>= 0.2.3)
    mongrel (1.1.5-x86-mingw32)
      cgi_multipart_eof_fix (>= 2.4)
      gem_plugin (>= 0.2.3)
    mongrel (1.1.5-x86-mswin32)
      cgi_multipart_eof_fix (>= 2.4)
      gem_plugin (>= 0.2.3)
    mysql (2.8.1)
    mysql (2.8.1-x86-mingw32)
    mysql (2.8.1-x86-mswin32)
    paperclip (2.3.5)
      activerecord
      activesupport
    rack (1.1.2)
    rails (2.3.12)
      actionmailer (= 2.3.12)
      actionpack (= 2.3.12)
      activerecord (= 2.3.12)
      activeresource (= 2.3.12)
      activesupport (= 2.3.12)
      rake (>= 0.8.3)
    rake (0.9.2.2)
    rdoc (3.6.1)
    scoped_search (2.2.1)
      activerecord (>= 2.1.0)
    searchlogic (2.4.28)
      activerecord (>= 2.0.0)
    shoulda (2.11.3)
    stemmer (1.0.1)
    web-app-theme (0.5.3)
    will_paginate (2.3.15)
    xml-simple (1.1.0)

PLATFORMS
  ruby
  x86-mingw32
  x86-mswin32

DEPENDENCIES
  acts-as-taggable-on
  acts_as_list (< 0.1.5)
  attrtastic (~> 0.2.2)
  aws-s3
  bluecloth (>= 2.0.0)
  builder
  cops
  delayed_job
  factory_girl
  formtastic (~> 1.2.3)
  geokit
  hashie
  json
  mad_mimi_mailer
  madmimi
  mini_fb
  mongrel
  mysql
  paperclip
  rails (= 2.3.12)
  rdoc
  scoped_search
  searchlogic
  shoulda
  stemmer
  web-app-theme (= 0.5.3)
  will_paginate
  xml-simple
